GIT
  remote: https://github.com/rails/rails.git
  revision: 1b05ffce885dd18c25114fe33ca42b138ce9e3af
  specs:
    actioncable (8.1.0.alpha)
      actionpack (= 8.1.0.alpha)
      activesupport (= 8.1.0.alpha)
      nio4r (~> 2.0)
      websocket-driver (>= 0.6.1)
      zeitwerk (~> 2.6)
    actionmailbox (8.1.0.alpha)
      actionpack (= 8.1.0.alpha)
      activejob (= 8.1.0.alpha)
      activerecord (= 8.1.0.alpha)
      activestorage (= 8.1.0.alpha)
      activesupport (= 8.1.0.alpha)
      mail (>= 2.8.0)
    actionmailer (8.1.0.alpha)
      actionpack (= 8.1.0.alpha)
      actionview (= 8.1.0.alpha)
      activejob (= 8.1.0.alpha)
      activesupport (= 8.1.0.alpha)
      mail (>= 2.8.0)
      rails-dom-testing (~> 2.2)
    actionpack (8.1.0.alpha)
      actionview (= 8.1.0.alpha)
      activesupport (= 8.1.0.alpha)
      nokogiri (>= 1.8.5)
      rack (>= 2.2.4)
      rack-session (>= 1.0.1)
      rack-test (>= 0.6.3)
      rails-dom-testing (~> 2.2)
      rails-html-sanitizer (~> 1.6)
      useragent (~> 0.16)
    actiontext (8.1.0.alpha)
      actionpack (= 8.1.0.alpha)
      activerecord (= 8.1.0.alpha)
      activestorage (= 8.1.0.alpha)
      activesupport (= 8.1.0.alpha)
      globalid (>= 0.6.0)
      nokogiri (>= 1.8.5)
    actionview (8.1.0.alpha)
      activesupport (= 8.1.0.alpha)
      builder (~> 3.1)
      erubi (~> 1.11)
      rails-dom-testing (~> 2.2)
      rails-html-sanitizer (~> 1.6)
    activejob (8.1.0.alpha)
      activesupport (= 8.1.0.alpha)
      globalid (>= 0.3.6)
    activemodel (8.1.0.alpha)
      activesupport (= 8.1.0.alpha)
    activerecord (8.1.0.alpha)
      activemodel (= 8.1.0.alpha)
      activesupport (= 8.1.0.alpha)
      timeout (>= 0.4.0)
    activestorage (8.1.0.alpha)
      actionpack (= 8.1.0.alpha)
      activejob (= 8.1.0.alpha)
      activerecord (= 8.1.0.alpha)
      activesupport (= 8.1.0.alpha)
      marcel (~> 1.0)
    activesupport (8.1.0.alpha)
      base64
      benchmark (>= 0.3)
      bigdecimal
      concurrent-ruby (~> 1.0, >= 1.3.1)
      connection_pool (>= 2.2.5)
      drb
      i18n (>= 1.6, < 2)
      logger (>= 1.4.2)
      minitest (>= 5.1)
      securerandom (>= 0.3)
      tzinfo (~> 2.0, >= 2.0.5)
      uri (>= 0.13.1)
    rails (8.1.0.alpha)
      actioncable (= 8.1.0.alpha)
      actionmailbox (= 8.1.0.alpha)
      actionmailer (= 8.1.0.alpha)
      actionpack (= 8.1.0.alpha)
      actiontext (= 8.1.0.alpha)
      actionview (= 8.1.0.alpha)
      activejob (= 8.1.0.alpha)
      activemodel (= 8.1.0.alpha)
      activerecord (= 8.1.0.alpha)
      activestorage (= 8.1.0.alpha)
      activesupport (= 8.1.0.alpha)
      bundler (>= 1.15.0)
      railties (= 8.1.0.alpha)
    railties (8.1.0.alpha)
      actionpack (= 8.1.0.alpha)
      activesupport (= 8.1.0.alpha)
      irb (~> 1.13)
      rackup (>= 1.0.0)
      rake (>= 12.2)
      thor (~> 1.0, >= 1.2.2)
      zeitwerk (~> 2.6)

PATH
  remote: blog
  specs:
    blog (0.1.0)
      frozen_record (>= 0.22.2)
      rails (>= 7.1.alpha)
      redcarpet (>= 3.5.1)
      sprockets-rails (>= 3.4.2)
      tailwindcss-rails (>= 0.3.3)
      view_component (>= 2.33.0)

GEM
  remote: https://rubygems.org/
  specs:
    actionpack-action_caching (1.2.2)
      actionpack (>= 4.0.0)
    addressable (2.8.0)
      public_suffix (>= 2.0.2, < 5.0)
    ast (2.4.2)
    base64 (0.2.0)
    benchmark (0.4.0)
    bigdecimal (3.1.9)
    bindex (0.8.1)
    bootsnap (1.9.3)
      msgpack (~> 1.0)
    builder (3.3.0)
    capybara (3.36.0)
      addressable
      matrix
      mini_mime (>= 0.1.3)
      nokogiri (~> 1.8)
      rack (>= 1.6.0)
      rack-test (>= 0.6.3)
      regexp_parser (>= 1.5, < 3.0)
      xpath (~> 3.2)
    childprocess (4.1.0)
    concurrent-ruby (1.3.4)
    connection_pool (2.4.1)
    crass (1.0.6)
    date (3.4.1)
    debug (1.4.0)
      irb (>= 1.3.6)
      reline (>= 0.2.7)
    dedup (0.1.4)
    drb (2.2.1)
    erubi (1.13.1)
    frozen_record (0.22.2)
      activemodel
      dedup
    globalid (1.2.1)
      activesupport (>= 6.1)
    i18n (1.14.6)
      concurrent-ruby (~> 1.0)
    importmap-rails (1.2.3)
      actionpack (>= 6.0.0)
      activesupport (>= 6.0.0)
      railties (>= 6.0.0)
    io-console (0.8.0)
    irb (1.14.3)
      rdoc (>= 4.0.0)
      reline (>= 0.4.2)
    jbuilder (2.13.0)
      actionview (>= 5.0.0)
      activesupport (>= 5.0.0)
    json (2.9.1)
    language_server-protocol (3.17.0.3)
    logger (1.6.4)
    loofah (2.23.1)
      crass (~> 1.0.2)
      nokogiri (>= 1.12.0)
    mail (2.8.1)
      mini_mime (>= 0.1.1)
      net-imap
      net-pop
      net-smtp
    marcel (1.0.4)
    matrix (0.4.2)
    method_source (1.0.0)
    mini_mime (1.1.5)
    minitest (5.25.4)
    msgpack (1.7.5)
    net-imap (0.5.4)
      date
      net-protocol
    net-pop (0.1.2)
      net-protocol
    net-protocol (0.2.2)
      timeout
    net-smtp (0.5.0)
      net-protocol
    nio4r (2.7.4)
    nokogiri (1.18.1-arm64-darwin)
      racc (~> 1.4)
    nokogiri (1.18.1-x86_64-darwin)
      racc (~> 1.4)
    nokogiri (1.18.1-x86_64-linux-gnu)
      racc (~> 1.4)
    parallel (1.26.3)
    parser (3.3.6.0)
      ast (~> 2.4.1)
      racc
    psych (5.2.2)
      date
      stringio
    public_suffix (4.0.6)
    puma (5.6.8)
      nio4r (~> 2.0)
    racc (1.8.1)
    rack (2.2.10)
    rack-mini-profiler (2.3.3)
      rack (>= 1.2.0)
    rack-session (1.0.2)
      rack (< 3)
    rack-test (2.2.0)
      rack (>= 1.3)
    rackup (1.0.1)
      rack (< 3)
      webrick
    rails-dom-testing (2.2.0)
      activesupport (>= 5.0.0)
      minitest
      nokogiri (>= 1.6)
    rails-html-sanitizer (1.6.2)
      loofah (~> 2.21)
      nokogiri (>= 1.15.7, != 1.16.7, != 1.16.6, != 1.16.5, != 1.16.4, != 1.16.3, != 1.16.2, != 1.16.1, != 1.16.0.rc1, != 1.16.0)
    rainbow (3.1.1)
    rake (13.2.1)
    rdoc (6.10.0)
      psych (>= 4.0.0)
    redcarpet (3.6.0)
    regexp_parser (2.10.0)
    reline (0.6.0)
      io-console (~> 0.5)
    rexml (3.4.0)
    rubocop (1.69.2)
      json (~> 2.3)
      language_server-protocol (>= 3.17.0)
      parallel (~> 1.10)
      parser (>= 3.3.0.2)
      rainbow (>= 2.2.2, < 4.0)
      regexp_parser (>= 2.9.3, < 3.0)
      rubocop-ast (>= 1.36.2, < 2.0)
      ruby-progressbar (~> 1.7)
      unicode-display_width (>= 2.4.0, < 4.0)
    rubocop-ast (1.37.0)
      parser (>= 3.3.1.0)
    rubocop-capybara (2.19.0)
      rubocop (~> 1.41)
    rubocop-rails (2.12.4)
      activesupport (>= 4.2.0)
      rack (>= 1.1)
      rubocop (>= 1.7.0, < 2.0)
    ruby-progressbar (1.13.0)
    rubyzip (2.3.2)
    securerandom (0.4.1)
    selenium-webdriver (4.0.0.beta3)
      childprocess (>= 0.5, < 5.0)
      rexml (~> 3.2)
      rubyzip (>= 1.2.2)
      websocket (~> 1.0)
    spring (4.0.0)
    sprockets (4.0.2)
      concurrent-ruby (~> 1.0)
      rack (> 1, < 3)
    sprockets-rails (3.4.2)
      actionpack (>= 5.2)
      activesupport (>= 5.2)
      sprockets (>= 3.0.0)
    stimulus-rails (1.3.0)
      railties (>= 6.0.0)
    stringio (3.1.2)
    tailwindcss-rails (2.1.0-arm64-darwin)
      railties (>= 6.0.0)
    tailwindcss-rails (2.1.0-x86_64-darwin)
      railties (>= 6.0.0)
    tailwindcss-rails (2.1.0-x86_64-linux)
      railties (>= 6.0.0)
    thor (1.4.0)
    thruster (0.1.11-arm64-darwin)
    thruster (0.1.11-x86_64-darwin)
    thruster (0.1.11-x86_64-linux)
    timeout (0.4.3)
    turbo-rails (1.5.0)
      actionpack (>= 6.0.0)
      activejob (>= 6.0.0)
      railties (>= 6.0.0)
    tzinfo (2.0.6)
      concurrent-ruby (~> 1.0)
    unicode-display_width (3.1.3)
      unicode-emoji (~> 4.0, >= 4.0.4)
    unicode-emoji (4.0.4)
    uri (1.0.2)
    useragent (0.16.11)
    view_component (3.21.0)
      activesupport (>= 5.2.0, < 8.1)
      concurrent-ruby (~> 1.0)
      method_source (~> 1.0)
    web-console (4.2.0)
      actionview (>= 6.0.0)
      activemodel (>= 6.0.0)
      bindex (>= 0.4.0)
      railties (>= 6.0.0)
    webdrivers (4.7.0)
      nokogiri (~> 1.6)
      rubyzip (>= 1.3.0)
      selenium-webdriver (> 3.141, < 5.0)
    webrick (1.9.1)
    websocket (1.2.9)
    websocket-driver (0.7.6)
      websocket-extensions (>= 0.1.0)
    websocket-extensions (0.1.5)
    xpath (3.2.0)
      nokogiri (~> 1.8)
    zeitwerk (2.7.1)

PLATFORMS
  arm64-darwin-23
  x86_64-darwin-20
  x86_64-darwin-21
  x86_64-darwin-22
  x86_64-linux

DEPENDENCIES
  actionpack-action_caching
  blog!
  bootsnap (>= 1.4.4)
  capybara (>= 3.26)
  debug
  frozen_record (~> 0.22.2)
  importmap-rails
  jbuilder
  puma (~> 5.6)
  rack-mini-profiler (~> 2.0)
  rails!
  rubocop
  rubocop-capybara
  rubocop-rails
  selenium-webdriver (= 4.0.0.beta3)
  spring
  sprockets-rails
  stimulus-rails
  tailwindcss-rails
  thruster
  turbo-rails
  tzinfo-data
  view_component
  web-console (>= 4.1.0)
  webdrivers

RUBY VERSION
   ruby 3.4.1p0

BUNDLED WITH
   2.5.3
